GEM
  remote: https://rubygems.org/
  specs:
    rake (13.0.6)
    require_all (3.0.0)

PLATFORMS
  x86_64-linux

DEPENDENCIES
  rake
  require_all

BUNDLED WITH
   2.4.7
